ObjectType = Image
NDims = 3
BinaryDataByteOrderMSB = True
AnatomicalOrientation = LPH
ElementSpacing = 1.257925 1.257925 4.046800
DimSize = 256 256 20
ElementType = MET_SHORT
ElementDataFile = image.bin
