ObjectType = Image
NDims = 3
BinaryDataByteOrderMSB = True
AnatomicalOrientation = LPH
ElementSpacing = 1.266336 1.266336 4.159600
DimSize = 256 256 26
ElementType = MET_SHORT
ElementDataFile = image.bin
