ObjectType = Image
NDims = 3
BinaryDataByteOrderMSB = True
AnatomicalOrientation = LPH
ElementSpacing = 1.258432 1.258432 4.043600
DimSize = 256 256 20
ElementType = MET_SHORT
ElementDataFile = image.bin
