ObjectType = Image
NDims = 3
BinaryDataByteOrderMSB = True
AnatomicalOrientation = LPH
ElementSpacing = 1.271000 1.271000 4.072800
DimSize = 256 256 26
ElementType = MET_SHORT
ElementDataFile = image.bin
