ObjectType = Image
NDims = 3
BinaryDataByteOrderMSB = True
AnatomicalOrientation = LPH
ElementSpacing = 1.265695 1.265695 4.113600
DimSize = 256 256 26
ElementType = MET_SHORT
ElementDataFile = image.bin
