ObjectType = Image
NDims = 3
BinaryDataByteOrderMSB = True
AnatomicalOrientation = LPH
ElementSpacing = 1.257672 1.257672 4.060400
DimSize = 256 256 20
ElementType = MET_SHORT
ElementDataFile = image.bin
