ObjectType = Image
NDims = 3
BinaryDataByteOrderMSB = True
AnatomicalOrientation = LPH
ElementSpacing = 1.264798 1.264798 4.128800
DimSize = 256 256 26
ElementType = MET_SHORT
ElementDataFile = image.bin
