ObjectType = Image
NDims = 3
BinaryDataByteOrderMSB = True
AnatomicalOrientation = LPH
ElementSpacing = 1.266464 1.266464 4.055600
DimSize = 256 256 26
ElementType = MET_SHORT
ElementDataFile = image.bin
