ObjectType = Image
NDims = 3
BinaryDataByteOrderMSB = True
AnatomicalOrientation = LPH
ElementSpacing = 1.252254 1.252254 4.090800
DimSize = 256 256 26
ElementType = MET_SHORT
ElementDataFile = image.bin
