ObjectType = Image
NDims = 3
BinaryDataByteOrderMSB = True
AnatomicalOrientation = LPH
ElementSpacing = 1.250876 1.250876 4.100000
DimSize = 256 256 26
ElementType = MET_SHORT
ElementDataFile = image.bin
