ObjectType = Image
NDims = 3
BinaryDataByteOrderMSB = True
AnatomicalOrientation = LPH
ElementSpacing = 1.255903 1.255903 4.049200
DimSize = 256 256 20
ElementType = MET_SHORT
ElementDataFile = image.bin
